GEM
  remote: https://rubygems.org/
  specs:
    args_parser (0.2.0)
    dnssd (2.0)
    hashie (2.1.1)
    httparty (0.13.1)
      json (~> 1.8)
      multi_xml (>= 0.5.2)
    irkit (0.0.8)
      args_parser
      dnssd
      hashie
      httparty
      json
    json (1.8.1)
    multi_xml (0.5.5)
    rack (1.5.2)
    rack-protection (1.5.3)
      rack
    sinatra (1.4.5)
      rack (~> 1.4)
      rack-protection (~> 1.4)
      tilt (~> 1.3, >= 1.3.4)
    tilt (1.4.1)

PLATFORMS
  ruby

DEPENDENCIES
  irkit
  sinatra
